GIT
  remote: https://github.com/prawnpdf/prawn.git
  revision: 91164e49a29bb6d0e5b3635217349189a3ea0e91
  specs:
    prawn (1.0.0.rc1)
      pdf-reader (>= 0.9.0)
      ttfunk (~> 1.0.3)

GEM
  remote: http://rubygems.org/
  specs:
    Ascii85 (1.0.1)
    aasm (3.0.3)
      activerecord
    actionmailer (2.3.17)
      actionpack (= 2.3.17)
    actionpack (2.3.17)
      activesupport (= 2.3.17)
      rack (~> 1.1.0)
    activerecord (2.3.17)
      activesupport (= 2.3.17)
    activerecord-sqlserver-adapter (2.3.24)
      activerecord (~> 2.2)
    activeresource (2.3.17)
      activesupport (= 2.3.17)
    activesupport (2.3.17)
    builder (3.0.0)
    cap-recipes (0.3.39)
    capistrano (2.15.5)
      highline
      net-scp (>= 1.0.0)
      net-sftp (>= 2.0.0)
      net-ssh (>= 2.0.14)
      net-ssh-gateway (>= 1.1.0)
    capistrano-ext (1.2.1)
      capistrano (>= 1.0.0)
    capistrano_colors (0.5.5)
    capones_recipes (1.20.1)
      cap-recipes
      capistrano (~> 2.0)
      capistrano-ext
      capistrano_colors
    carrierwave (0.4.10)
    csv-mapper (0.5.1)
      fastercsv
    cucumber (1.1.9)
      builder (>= 2.1.2)
      diff-lcs (>= 1.1.2)
      gherkin (~> 2.9.0)
      json (>= 1.4.6)
      term-ansicolor (>= 1.0.6)
    cups (0.0.7)
    diff-lcs (1.1.3)
    fastercsv (1.5.4)
    formtastic (1.2.4)
      actionpack (>= 2.3.7)
      activesupport (>= 2.3.7)
      i18n (~> 0.4)
    gherkin (2.9.0)
      json (>= 1.4.6)
    haml (3.1.4)
    has_scope (0.5.1)
    highline (1.7.2)
    i18n (0.6.0)
    i18n_rails_helpers (0.18.2)
    in_place_editing (1.1.2)
    inherited_resources (1.0.6)
      has_scope (~> 0.5.0)
      responders (~> 0.4.6)
    inherited_resources_views (0.4.1)
      inherited_resources (>= 1.0)
    json (1.8.3)
    kgio (2.9.3)
    ledermann-rails-settings (1.0.1)
      activerecord (>= 2.3)
    mysql2 (0.2.24)
    net-scp (1.2.1)
      net-ssh (>= 2.6.5)
    net-sftp (2.1.2)
      net-ssh (>= 2.6.5)
    net-ssh (2.9.2)
    net-ssh-gateway (1.2.0)
      net-ssh (>= 2.6.5)
    nokogiri (1.5.5)
    pdf-reader (1.0.0)
      Ascii85 (~> 1.0.0)
      ruby-rc4
    prawnto (0.1.0)
      prawn
      rails (>= 2.1)
    rack (1.1.6)
    rails (2.3.17)
      actionmailer (= 2.3.17)
      actionpack (= 2.3.17)
      activerecord (= 2.3.17)
      activeresource (= 2.3.17)
      activesupport (= 2.3.17)
      rake (>= 0.8.3)
    raindrops (0.13.0)
    rake (10.0.3)
    rdoc (3.12)
      json (~> 1.4)
    responders (0.4.8)
    routing-filter (0.3.0)
      actionpack
    ruby-rc4 (0.1.5)
    show_for (0.2.4)
    sqlite3 (1.3.10)
    sqlite3-ruby (1.3.3)
      sqlite3 (>= 1.3.3)
    term-ansicolor (1.0.7)
    ttfunk (1.0.3)
    unicorn (4.9.0)
      kgio (~> 2.6)
      rack
      raindrops (~> 0.7)
    use_db (0.2.0)
    validates_timeliness (2.3.2)
    vesr (0.12.6)
    will_paginate (2.3.16)

PLATFORMS
  ruby

DEPENDENCIES
  aasm
  activerecord-sqlserver-adapter
  capones_recipes
  carrierwave
  csv-mapper
  cucumber
  cups
  fastercsv
  formtastic
  haml
  has_scope
  i18n_rails_helpers (< 1.0)
  in_place_editing
  inherited_resources (< 1.1)
  inherited_resources_views
  ledermann-rails-settings
  mysql2 (~> 0.2.18)
  nokogiri
  prawn!
  prawnto
  rails (~> 2.3.10)
  rdoc
  routing-filter
  show_for
  sqlite3-ruby
  unicorn
  use_db
  validates_timeliness (< 3.0)
  vesr
  will_paginate (< 3.0)
